PATH
  remote: .
  specs:
    ruby_vnc (0.1.0)
      bindata
      chunky_png
      ruby2d
      zeitwerk

GEM
  remote: https://rubygems.org/
  specs:
    benchmark-ips (2.10.0)
    bindata (2.4.10)
    byebug (11.1.3)
    chunky_png (1.4.0)
    coderay (1.1.3)
    diff-lcs (1.5.0)
    method_source (1.0.0)
    pry (0.13.1)
      coderay (~> 1.1)
      method_source (~> 1.0)
    pry-byebug (3.9.0)
      byebug (~> 11.0)
      pry (~> 0.13.0)
    rspec (3.11.0)
      rspec-core (~> 3.11.0)
      rspec-expectations (~> 3.11.0)
      rspec-mocks (~> 3.11.0)
    rspec-core (3.11.0)
      rspec-support (~> 3.11.0)
    rspec-expectations (3.11.0)
      diff-lcs (>= 1.2.0, < 2.0)
      rspec-support (~> 3.11.0)
    rspec-mocks (3.11.1)
      diff-lcs (>= 1.2.0, < 2.0)
      rspec-support (~> 3.11.0)
    rspec-support (3.11.0)
    ruby2d (0.11.3)
    tcr (0.2.2)
    zeitwerk (2.6.0)

PLATFORMS
  ruby

DEPENDENCIES
  benchmark-ips
  pry-byebug
  rspec (~> 3.0)
  ruby_vnc!
  tcr

BUNDLED WITH
   2.1.4
